GIT
  remote: https://github.com/makandra/rails.git
  revision: 8b7d676135e40f7dc136a0d751da9c6cf86336af
  branch: 2-3-lts
  specs:
    actionmailer (2.3.18.58)
      actionpack (= 2.3.18.58)
    actionpack (2.3.18.58)
      activesupport (= 2.3.18.58)
      rack (< 1.5)
    activerecord (2.3.18.58)
      activesupport (= 2.3.18.58)
    activeresource (2.3.18.58)
      activesupport (= 2.3.18.58)
    activesupport (2.3.18.58)
    rack (1.4.7.19)
    rails (2.3.18.58)
      actionmailer (= 2.3.18.58)
      actionpack (= 2.3.18.58)
      activerecord (= 2.3.18.58)
      activeresource (= 2.3.18.58)
      activesupport (= 2.3.18.58)
      railslts-version (= 2.3.18.58)
      railties (= 2.3.18.58)
    railslts-version (2.3.18.58)
    railties (2.3.18.58)
      actionpack (= 2.3.18.58)
      activesupport (= 2.3.18.58)
      rake (>= 0.8.3)

GEM
  remote: https://rubygems.org/
  specs:
    after_commit (1.0.10)
      activerecord (>= 1.15.6, < 3.0.0)
    airbrake (3.1.2)
      activesupport
      builder
    annotate (2.4.0)
    builder (3.0.0)
    capistrano (2.14.2)
      highline
      net-scp (>= 1.0.0)
      net-sftp (>= 2.0.0)
      net-ssh (>= 2.0.14)
      net-ssh-gateway (>= 1.1.0)
    capistrano_colors (0.5.5)
    chronic (0.6.7)
    chunky_png (1.2.5)
    coderay (1.0.6)
    compass (0.12.1)
      chunky_png (~> 1.2)
      fssm (>= 0.2.7)
      sass (~> 3.1)
    crack (0.3.1)
    execjs (1.4.0)
      multi_json (~> 1.0)
    fssm (0.2.9)
    haml (3.1.6)
    highline (1.6.16)
    hiredis (0.6.3)
    hpricot (0.8.6)
    i18n (0.6.0)
    json (1.8.6)
    memcache-client (1.8.5)
    mime-types (1.18)
    mini_magick (3.4)
      subexec (~> 0.2.1)
    multi_json (1.3.6)
    mysql2 (0.4.10)
    net-scp (1.1.0)
      net-ssh (>= 2.6.5)
    net-sftp (2.1.1)
      net-ssh (>= 2.6.5)
    net-ssh (2.6.6)
    net-ssh-gateway (1.2.0)
      net-ssh (>= 2.6.5)
    newrelic-redis (1.3.2)
      newrelic_rpm (~> 3.0)
      redis (< 4.0)
    newrelic_rpm (3.3.0)
    paperclip (2.3.9)
      activerecord (~> 2.3.0)
      activesupport (~> 2.3.2)
    paperclip-meta (0.4.2)
      paperclip
    rake (10.5.0)
    rdoc (3.12)
      json (~> 1.4)
    redis (2.2.2)
    redis-namespace (1.0.3)
      redis (< 3.0.0)
    resque (1.19.0)
      multi_json (~> 1.0)
      redis-namespace (~> 1.0.2)
      sinatra (>= 0.9.2)
      vegas (~> 0.1.2)
    resque-lock (1.0.0)
    riddle (1.5.2)
    rpm_contrib (2.1.11)
      newrelic_rpm (>= 3.1.1)
    ruby-openid (2.1.8)
    russian (0.6.0)
      i18n (>= 0.5.0)
    sass (3.1.19)
    savon (0.7.9)
      builder (>= 2.1.2)
      crack (>= 0.1.4)
    sinatra (1.2.8)
      rack (~> 1.1)
      tilt (>= 1.2.2, < 2.0)
    subexec (0.2.2)
    thinking-sphinx (1.4.12)
      activerecord (>= 1.15.6, < 3.0.0)
      after_commit (>= 1.0.7)
      riddle (>= 1.5.2)
    tilt (1.3.3)
    ts-datetime-delta (1.0.3)
      thinking-sphinx (>= 1.3.8)
    uglifier (1.2.4)
      execjs (>= 0.3.0)
      multi_json (>= 1.0.2)
    vegas (0.1.11)
      rack (>= 1.0.0)
    whenever (0.7.3)
      activesupport (>= 2.3.4)
      chronic (~> 0.6.3)
    will_paginate (2.3.16)

PLATFORMS
  ruby

DEPENDENCIES
  actionmailer!
  actionpack!
  activerecord!
  activeresource!
  activesupport!
  airbrake
  annotate
  capistrano
  capistrano_colors
  coderay
  compass
  haml
  hiredis (~> 0.6.3)
  hpricot
  json (~> 1.8)
  memcache-client
  mime-types
  mini_magick
  mysql2 (~> 0.4.10)
  newrelic-redis
  newrelic_rpm
  paperclip (= 2.3.9)
  paperclip-meta
  rack!
  rails (~> 2.3.18)!
  railslts-version!
  railties!
  rake
  rdoc
  redis (~> 2.2.0)
  resque (= 1.19.0)
  resque-lock
  rpm_contrib
  ruby-openid
  russian
  sass
  savon (= 0.7.9)
  thinking-sphinx
  ts-datetime-delta (>= 1.0.0)
  uglifier
  whenever
  will_paginate (~> 2.3.16)

BUNDLED WITH
   1.17.3
